PATH
  remote: .
  specs:
    assumer (0.4.2)
      aws-sdk-core (~> 3)
      pry (~> 0)
      trollop (= 2.1.2)

GEM
  remote: https://rubygems.org/
  specs:
    aws-partitions (1.51.0)
    aws-sdk-core (3.12.0)
      aws-partitions (~> 1.0)
      aws-sigv4 (~> 1.0)
      jmespath (~> 1.0)
    aws-sigv4 (1.0.2)
    coderay (1.1.2)
    jmespath (1.3.1)
    method_source (0.9.0)
    pry (0.11.3)
      coderay (~> 1.1.0)
      method_source (~> 0.9.0)
    rake (10.5.0)
    trollop (2.1.2)

PLATFORMS
  ruby

DEPENDENCIES
  assumer!
  bundler (~> 1.10)
  rake (~> 10.0)

BUNDLED WITH
   1.16.0
